GEM
  remote: https://rubygems.org/
  specs:
    rack (2.2.17)
    rack-cache (1.2)
      rack (>= 0.4)
    rack-protection (1.5.5)
      rack

PLATFORMS
  ruby

DEPENDENCIES
  rack (~> 2.2.14)
  rack-cache (~> 1.2.0)
  rack-protection (~> 1.5.4)

BUNDLED WITH
   1.17.3
