GEM
  remote: https://rubygems.org/
  specs:
    rack (1.6.13)
    rack-cache (1.2)
      rack (>= 0.4)
    rack-protection (1.5.5)
      rack

PLATFORMS
  ruby

DEPENDENCIES
  rack (~> 1.6.2)
  rack-cache (~> 1.2.0)
  rack-protection (~> 1.5.4)

BUNDLED WITH
   1.17.3
