GEM
  remote: https://rubygems.org/
  specs:
    base64 (0.3.0)
    logger (1.7.0)
    rack (3.0.18)
    rack-cache (1.1)
      rack (>= 0.4)
    rack-protection (4.0.1)
      base64 (>= 0.1.0)
      logger (>= 1.6.0)
      rack (>= 3.0.0, < 4)

PLATFORMS
  ruby

DEPENDENCIES
  rack (~> 3.0.0)
  rack-cache (~> 1.1.0)
  rack-protection (~> 4.0.0)

BUNDLED WITH
   1.17.3
